GIT
  remote: git://github.com/Burgestrand/Hallon.git
  revision: 0e31aac5db13194d44282f0e2bbfaa6cbea8a109
  specs:
    hallon (0.18.2)
      ffi (~> 1.8)
      spotify (~> 12.5.2)
      weak_observable (~> 1.0)

GEM
  remote: https://rubygems.org/
  specs:
    backports (3.3.4)
    daemons (1.1.9)
    eventmachine (1.0.3)
    ffi (1.9.0)
    haml (4.0.3)
      tilt
    libspotify (12.1.51.3)
    multi_json (1.8.0)
    newrelic_rpm (3.6.7.159)
    rack (1.6.10)
    rack-protection (1.5.5)
      rack
    rack-test (0.6.2)
      rack (>= 1.0)
    ref (1.0.5)
    rollbar (0.11.1)
      multi_json (~> 1.5)
    sinatra (1.4.3)
      rack (~> 1.4)
      rack-protection (~> 1.4)
      tilt (~> 1.3, >= 1.3.4)
    sinatra-contrib (1.4.1)
      backports (>= 2.0)
      multi_json
      rack-protection
      rack-test
      sinatra (~> 1.4.0)
      tilt (~> 1.3)
    spotify (12.5.2)
      ffi (~> 1.0, >= 1.0.11)
      libspotify (~> 12.1.51)
    thin (1.5.1)
      daemons (>= 1.0.9)
      eventmachine (>= 0.12.6)
      rack (>= 1.0.0)
    tilt (1.4.1)
    weak_observable (1.0.1)
      ref (~> 1.0.0)

PLATFORMS
  ruby

DEPENDENCIES
  hallon!
  haml
  newrelic_rpm
  rollbar
  sinatra
  sinatra-contrib
  thin

RUBY VERSION
   ruby 2.0.0p648

BUNDLED WITH
   1.14.6
