GIT
  remote: git://github.com/Burgestrand/Hallon.git
  revision: c98541495e93c2358b20290f180d973e7036a0a5
  specs:
    hallon (0.18.1)
      spotify (~> 12.3.0)
      weak_observable (~> 1.0)

GEM
  remote: https://rubygems.org/
  specs:
    backports (2.8.2)
    eventmachine (1.0.0)
    ffi (1.4.0)
    haml (4.0.0)
      tilt
    libspotify (12.1.51.1)
    newrelic_rpm (3.5.7.59)
    rack (1.5.2)
    rack-protection (1.3.2)
      rack
    rack-test (0.6.2)
      rack (>= 1.0)
    ref (1.0.2)
    sinatra (1.3.4)
      rack (~> 1.4)
      rack-protection (~> 1.3)
      tilt (~> 1.3, >= 1.3.3)
    sinatra-contrib (1.3.2)
      backports (>= 2.0)
      eventmachine
      rack-protection
      rack-test
      sinatra (~> 1.3.0)
      tilt (~> 1.3)
    spotify (12.3.0)
      ffi (~> 1.0, >= 1.0.11)
      libspotify (~> 12.1.51)
    tilt (1.3.3)
    weak_observable (1.0.1)
      ref (~> 1.0.0)

PLATFORMS
  ruby

DEPENDENCIES
  hallon!
  haml
  newrelic_rpm
  sinatra
  sinatra-contrib
