GIT
  remote: git://github.com/Burgestrand/Hallon.git
  revision: 470bc9786de0e76e776c6abba2262aa7eaa1e057
  specs:
    hallon (0.18.1)
      ref (~> 1.0)
      spotify (~> 12.3.0)
      weak_observable (~> 1.0)

GEM
  remote: http://rubygems.org/
  specs:
    backports (2.6.4)
    eventmachine (1.0.0)
    ffi (1.1.5)
    haml (3.1.7)
    libspotify (12.1.51.1)
    newrelic_rpm (3.4.2.1)
    rack (1.4.1)
    rack-protection (1.2.0)
      rack
    rack-test (0.6.1)
      rack (>= 1.0)
    ref (1.0.0)
    sinatra (1.3.3)
      rack (~> 1.3, >= 1.3.6)
      rack-protection (~> 1.2)
      tilt (~> 1.3, >= 1.3.3)
    sinatra-contrib (1.3.1)
      backports (>= 2.0)
      eventmachine
      rack-protection
      rack-test
      sinatra (~> 1.3.0)
      tilt (~> 1.3)
    spotify (12.3.0)
      ffi (~> 1.0, >= 1.0.11)
      libspotify (~> 12.1.51)
    tilt (1.3.3)
    weak_observable (1.0.1)
      ref (~> 1.0.0)

PLATFORMS
  ruby

DEPENDENCIES
  hallon!
  haml
  newrelic_rpm
  sinatra
  sinatra-contrib
