GIT
  remote: git://github.com/Burgestrand/Hallon.git
  revision: 1d2f6ef7d1b5fd1fd99987ce2edb866b647262a0
  specs:
    hallon (0.18.2)
      ffi (~> 1.8)
      spotify (~> 12.5.2)
      weak_observable (~> 1.0)

GEM
  remote: https://rubygems.org/
  specs:
    backports (3.3.3)
    eventmachine (1.0.3)
    ffi (1.9.0)
    haml (4.0.3)
      tilt
    libspotify (12.1.51.3)
    newrelic_rpm (3.6.6.147)
    rack (1.5.2)
    rack-protection (1.5.0)
      rack
    rack-test (0.6.2)
      rack (>= 1.0)
    ref (1.0.5)
    sinatra (1.4.3)
      rack (~> 1.4)
      rack-protection (~> 1.4)
      tilt (~> 1.3, >= 1.3.4)
    sinatra-contrib (1.4.0)
      backports (>= 2.0)
      eventmachine
      rack-protection
      rack-test
      sinatra (~> 1.4.2)
      tilt (~> 1.3)
    spotify (12.5.2)
      ffi (~> 1.0, >= 1.0.11)
      libspotify (~> 12.1.51)
    tilt (1.4.1)
    weak_observable (1.0.1)
      ref (~> 1.0.0)

PLATFORMS
  ruby

DEPENDENCIES
  hallon!
  haml
  newrelic_rpm
  sinatra
  sinatra-contrib
