GIT
  remote: git://github.com/Burgestrand/Hallon.git
  revision: 0e31aac5db13194d44282f0e2bbfaa6cbea8a109
  specs:
    hallon (0.18.2)
      ffi (~> 1.8)
      spotify (~> 12.5.2)
      weak_observable (~> 1.0)

GEM
  remote: https://rubygems.org/
  specs:
    backports (3.11.4)
    daemons (1.2.6)
    eventmachine (1.2.7)
    ffi (1.9.25)
    haml (5.1.1)
      temple (>= 0.8.0)
      tilt
    libspotify (12.1.51.3)
    multi_json (1.14.1)
    newrelic_rpm (6.12.0.367)
    rack (1.6.12)
    rack-protection (1.5.5)
      rack
    rack-test (0.7.0)
      rack (>= 1.0, < 3)
    ref (1.0.5)
    rollbar (2.27.0)
    sinatra (1.4.8)
      rack (~> 1.5)
      rack-protection (~> 1.4)
      tilt (>= 1.3, < 3)
    sinatra-contrib (1.4.7)
      backports (>= 2.0)
      multi_json
      rack-protection
      rack-test
      sinatra (~> 1.4.0)
      tilt (>= 1.3, < 3)
    spotify (12.5.2)
      ffi (~> 1.0, >= 1.0.11)
      libspotify (~> 12.1.51)
    temple (0.8.1)
    thin (1.7.2)
      daemons (~> 1.0, >= 1.0.9)
      eventmachine (~> 1.0, >= 1.0.4)
      rack (>= 1, < 3)
    tilt (2.0.9)
    weak_observable (1.0.1)
      ref (~> 1.0.0)

PLATFORMS
  ruby

DEPENDENCIES
  hallon!
  haml
  newrelic_rpm
  rollbar
  sinatra
  sinatra-contrib
  thin

RUBY VERSION
   ruby 2.0.0p648

BUNDLED WITH
   1.14.6
